GEM
  remote: http://rubygems.org/
  specs:
    addressable (2.7.0)
      public_suffix (>= 2.0.2, < 5.0)
    capybara (3.26.0)
      addressable
      mini_mime (>= 0.1.3)
      nokogiri (~> 1.8)
      rack (>= 1.6.0)
      rack-test (>= 0.6.3)
      regexp_parser (~> 1.5)
      xpath (~> 3.2)
    childprocess (0.9.0)
      ffi (~> 1.0, >= 1.0.11)
    diff-lcs (1.3)
    ffi (1.10.0)
    httparty (0.17.3)
      mime-types (~> 3.0)
      multi_xml (>= 0.5.2)
    mime-types (3.3)
      mime-types-data (~> 3.2015)
    mime-types-data (3.2019.1009)
    mini_mime (1.0.2)
    mini_portile2 (2.4.0)
    multi_xml (0.6.0)
    nokogiri (1.10.3)
      mini_portile2 (~> 2.4.0)
    public_suffix (4.0.1)
    rack (2.2.3)
    rack-test (1.1.0)
      rack (>= 1.0, < 3)
    regexp_parser (1.6.0)
    rspec (3.8.0)
      rspec-core (~> 3.8.0)
      rspec-expectations (~> 3.8.0)
      rspec-mocks (~> 3.8.0)
    rspec-core (3.8.0)
      rspec-support (~> 3.8.0)
    rspec-expectations (3.8.4)
      diff-lcs (>= 1.2.0, < 2.0)
      rspec-support (~> 3.8.0)
    rspec-mocks (3.8.0)
      diff-lcs (>= 1.2.0, < 2.0)
      rspec-support (~> 3.8.0)
    rspec-support (3.8.2)
    rubyzip (1.2.2)
    selenium-webdriver (3.141.0)
      childprocess (~> 0.5)
      rubyzip (~> 1.2, >= 1.2.2)
    xpath (3.2.0)
      nokogiri (~> 1.8)

PLATFORMS
  ruby

DEPENDENCIES
  capybara
  httparty
  rspec
  selenium-webdriver

BUNDLED WITH
   2.1.2
